GEM
  remote: http://rubygems.org/
  specs:
    chronic (0.6.7)

PLATFORMS
  ruby

DEPENDENCIES
  chronic
